GEM
  remote: http://rubygems.org/
  specs:
    RedCloth (4.2.9)
    actionmailer (2.3.11)
      actionpack (= 2.3.11)
    actionpack (2.3.11)
      activesupport (= 2.3.11)
      rack (~> 1.1.0)
    activerecord (2.3.11)
      activesupport (= 2.3.11)
    activerecord-postgresql-adapter (0.0.1)
      pg
    activeresource (2.3.11)
      activesupport (= 2.3.11)
    activesupport (2.3.11)
    haml (3.1.7)
    json (1.7.5)
    pg (0.14.1)
    rack (1.1.3)
    rails (2.3.11)
      actionmailer (= 2.3.11)
      actionpack (= 2.3.11)
      activerecord (= 2.3.11)
      activeresource (= 2.3.11)
      activesupport (= 2.3.11)
      rake (>= 0.8.3)
    rake (10.0.2)
    rdoc (3.12)
      json (~> 1.4)
    swf_train (1.0.0)
      rails
      rake

PLATFORMS
  ruby

DEPENDENCIES
  RedCloth
  activerecord-postgresql-adapter
  haml
  rails (= 2.3.11)
  rdoc
  swf_train
